GEM
  specs:
    sqlite3 (1.3.8)

PLATFORMS
  ruby

DEPENDENCIES
  sqlite3
